NUGET
  remote: https://www.nuget.org/api/v2
    iTextSharp (5.5.10)
    NUnit (3.5)
